GIT
  remote: git://github.com/gregbell/active_admin.git
  revision: d763db5a8d6cacd23554fe1852da5a60c69f7560
  specs:
    activeadmin (0.5.1)
      arbre (>= 1.0.1)
      bourbon (>= 1.0.0)
      devise (>= 1.1.2)
      fastercsv
      formtastic (>= 2.0.0)
      inherited_resources (>= 1.3.1)
      jquery-rails (>= 1.0.0)
      kaminari (>= 0.13.0)
      meta_search (>= 0.9.2)
      rails (>= 3.0.0)
      sass (>= 3.1.0)

GIT
  remote: git://github.com/josemarluedke/dinero_mail_ipn.git
  revision: 99dc5d1a17f0617fc320981a934ee75c85ae3aff
  specs:
    dinero_mail_ipn (1.0.2)
      httparty (~> 0.6.1)
      nokogiri (~> 1.4.3)

GIT
  remote: git://github.com/ncri/validation_reflection.git
  revision: 60320e6beb088808fd625a8d958dbd0d2661d494
  specs:
    validation_reflection (1.0.0)

GIT
  remote: https://github.com/danielweinmann/moip-ruby.git
  revision: db1b879358c623b597dc1c221b53336f9f06db0e
  ref: db1b879358c623b597dc1c221b53336f9f06db0e
  specs:
    moip (1.0.2)
      activesupport (>= 2.3.2)
      httparty (~> 0.6.1)
      nokogiri (~> 1.4.3)

GEM
  remote: http://rubygems.org/
  remote: http://gems.github.com/
  specs:
    RedCloth (4.2.9)
    actionmailer (3.2.11)
      actionpack (= 3.2.11)
      mail (~> 2.4.4)
    actionpack (3.2.11)
      activemodel (= 3.2.11)
      activesupport (= 3.2.11)
      builder (~> 3.0.0)
      erubis (~> 2.7.0)
      journey (~> 1.0.4)
      rack (~> 1.4.0)
      rack-cache (~> 1.2)
      rack-test (~> 0.6.1)
      sprockets (~> 2.2.1)
    activemerchant (1.17.0)
      activesupport (>= 2.3.11)
      braintree (>= 2.0.0)
      builder (>= 2.0.0)
      json (>= 1.5.1)
    activemodel (3.2.11)
      activesupport (= 3.2.11)
      builder (~> 3.0.0)
    activerecord (3.2.11)
      activemodel (= 3.2.11)
      activesupport (= 3.2.11)
      arel (~> 3.0.2)
      tzinfo (~> 0.3.29)
    activerecord-postgresql-adapter (0.0.1)
      pg
    activeresource (3.2.11)
      activemodel (= 3.2.11)
      activesupport (= 3.2.11)
    activesupport (3.2.11)
      i18n (~> 0.6)
      multi_json (~> 1.0)
    addressable (2.3.3)
    airbrake (3.1.9)
      activesupport
      builder
      json
    annotate (2.5.0)
      rake
    arbre (1.0.1)
      activesupport (>= 3.0.0)
    archive-tar-minitar (0.5.2)
    arel (3.0.2)
    attr_required (0.0.5)
    auto_html (1.4.2)
      RedCloth
      redcarpet
      rinku
      tag_helper
    awesome_print (1.1.0)
    bcrypt-ruby (3.0.1)
    bourbon (3.1.1)
      sass (>= 3.2.0)
      thor
    braintree (2.22.0)
      builder (>= 2.0.0)
    brcep (3.3.0)
    builder (3.0.4)
    cancan (1.6.9)
    capybara (2.0.3)
      mime-types (>= 1.16)
      nokogiri (>= 1.3.3)
      rack (>= 1.0.0)
      rack-test (>= 0.5.4)
      selenium-webdriver (~> 2.0)
      xpath (~> 1.0.0)
    carrierwave (0.5.8)
      activesupport (~> 3.0)
    catarse_dineromail (0.1.10)
      dinero_mail_checkout
      dinero_mail_ipn
      rails (~> 3.2.6)
    childprocess (0.3.9)
      ffi (~> 1.0, >= 1.0.11)
    choice (0.1.6)
    chunky_png (1.2.8)
    coderay (1.0.9)
    coffee-rails (3.2.2)
      coffee-script (>= 2.2.0)
      railties (~> 3.2.0)
    coffee-script (2.2.0)
      coffee-script-source
      execjs
    coffee-script-source (1.6.2)
    columnize (0.3.6)
    compass (0.12.2)
      chunky_png (~> 1.2)
      fssm (>= 0.2.7)
      sass (~> 3.1)
    compass-960-plugin (0.10.4)
      compass (>= 0.10.0)
    compass-rails (1.0.3)
      compass (>= 0.12.2, < 0.14)
    crack (0.1.8)
    curb (0.7.18)
    currency_switcher (0.0.2)
    daemons (1.1.9)
    dalli (2.6.2)
    database_cleaner (0.9.1)
    devise (1.5.3)
      bcrypt-ruby (~> 3.0)
      orm_adapter (~> 0.0.3)
      warden (~> 1.1)
    diff-lcs (1.1.3)
    dinero_mail_checkout (0.1.0)
    enumerate_it (1.0.3)
      activesupport (>= 3.0.0)
    erubis (2.7.0)
    eventmachine (1.0.3)
    excon (0.6.6)
    execjs (1.4.0)
      multi_json (~> 1.0)
    factory_girl (2.6.4)
      activesupport (>= 2.3.9)
    factory_girl_rails (1.7.0)
      factory_girl (~> 2.6.0)
      railties (>= 3.0.0)
    faraday (0.8.7)
      multipart-post (~> 1.1)
    fastercsv (1.5.5)
    feedzirra (0.0.31)
      activesupport (>= 3.0.8)
      builder (~> 3.0.0)
      curb (~> 0.7.15)
      i18n (>= 0.5.0)
      loofah (~> 1.0.0)
      nokogiri (~> 1.4.4)
      rake (>= 0.9.2)
      rdoc (~> 3.8)
      sax-machine (~> 0.0.20)
    ffi (1.6.0)
    fog (0.9.0)
      builder
      excon (~> 0.6.1)
      formatador (>= 0.1.3)
      json
      mime-types
      net-scp (>= 1.0.4)
      net-ssh (>= 2.1.4)
      nokogiri (>= 1.4.4)
      ruby-hmac
    foreigner (1.4.0)
      activerecord (>= 3.0.0)
    formatador (0.2.4)
    formtastic (2.2.1)
      actionpack (>= 3.0)
    fssm (0.2.10)
    haml (4.0.1)
      tilt
    has_scope (0.5.1)
    has_vimeo_video (0.0.5)
      supermodel
      vimeo
    hashie (1.2.0)
    hike (1.2.1)
    http_accept_language (1.0.2)
    httparty (0.6.1)
      crack (= 0.1.8)
    httpauth (0.2.0)
    httpclient (2.2.5)
    i18n (0.6.4)
    inherited_resources (1.3.1)
      has_scope (~> 0.5.0)
      responders (~> 0.6)
    journey (1.0.4)
    jquery-rails (2.2.1)
      railties (>= 3.0, < 5.0)
      thor (>= 0.14, < 2.0)
    json (1.7.7)
    json_pure (1.7.7)
    jwt (0.1.8)
      multi_json (>= 1.5)
    kaminari (0.14.1)
      actionpack (>= 3.0.0)
      activesupport (>= 3.0.0)
    launchy (2.2.0)
      addressable (~> 2.3)
    libwebsocket (0.1.8)
      addressable
      websocket
    linecache19 (0.5.12)
      ruby_core_source (>= 0.1.4)
    loofah (1.0.0)
      nokogiri (>= 1.3.3)
    mail (2.4.4)
      i18n (>= 0.4.0)
      mime-types (~> 1.16)
      treetop (~> 1.4.8)
    mailcatcher (0.5.11)
      activesupport (~> 3.0)
      eventmachine (~> 1.0.0)
      haml (>= 3.1, < 5)
      mail (~> 2.3)
      sinatra (~> 1.2)
      skinny (~> 0.2.3)
      sqlite3 (~> 1.3)
      thin (~> 1.5.0)
    mailchimp (0.0.8)
      httparty
    maxim-sexy_pg_constraints (0.1.3)
    meta_search (1.1.3)
      actionpack (~> 3.1)
      activerecord (~> 3.1)
      activesupport (~> 3.1)
      polyamorous (~> 0.5.0)
    metaclass (0.0.1)
    method_source (0.8.1)
    mime-types (1.22)
    mocha (0.10.4)
      metaclass (~> 0.0.1)
    multi_json (1.7.2)
    multipart-post (1.2.0)
    net-scp (1.1.0)
      net-ssh (>= 2.6.5)
    net-ssh (2.6.6)
    nokogiri (1.4.7)
    oauth (0.4.7)
    oauth2 (0.8.1)
      faraday (~> 0.8)
      httpauth (~> 0.1)
      jwt (~> 0.1.4)
      multi_json (~> 1.0)
      rack (~> 1.2)
    omniauth (1.1.3)
      hashie (~> 1.2)
      rack
    omniauth-facebook (1.2.0)
      omniauth-oauth2 (~> 1.0.0)
    omniauth-linkedin (0.0.8)
      omniauth-oauth (~> 1.0)
    omniauth-oauth (1.0.1)
      oauth
      omniauth (~> 1.0)
    omniauth-oauth2 (1.0.3)
      oauth2 (~> 0.8.0)
      omniauth (~> 1.0)
    omniauth-openid (1.0.1)
      omniauth (~> 1.0)
      rack-openid (~> 1.3.1)
    omniauth-twitter (0.0.15)
      multi_json (~> 1.3)
      omniauth-oauth (~> 1.0)
    on_the_spot (1.0.1)
      json_pure (>= 1.4.6)
    orm_adapter (0.0.7)
    paypal-express (0.5.3)
      activesupport (>= 2.3)
      attr_required (>= 0.0.5)
      i18n
      restclient_with_cert
    pg (0.15.0)
    polyamorous (0.5.0)
      activerecord (~> 3.0)
    polyglot (0.3.3)
    pry (0.9.12)
      coderay (~> 1.0.5)
      method_source (~> 0.8)
      slop (~> 3.4)
    rack (1.4.5)
    rack-cache (1.2)
      rack (>= 0.4)
    rack-openid (1.3.1)
      rack (>= 1.1.0)
      ruby-openid (>= 2.1.8)
    rack-protection (1.5.0)
      rack
    rack-ssl (1.3.3)
      rack
    rack-test (0.6.2)
      rack (>= 1.0)
    rack-timeout (0.0.3)
    rails (3.2.11)
      actionmailer (= 3.2.11)
      actionpack (= 3.2.11)
      activerecord (= 3.2.11)
      activeresource (= 3.2.11)
      activesupport (= 3.2.11)
      bundler (~> 1.0)
      railties (= 3.2.11)
    rails_autolink (1.0.9)
      rails (~> 3.1)
    railties (3.2.11)
      actionpack (= 3.2.11)
      activesupport (= 3.2.11)
      rack-ssl (~> 1.3.2)
      rake (>= 0.8.7)
      rdoc (~> 3.4)
      thor (>= 0.14.6, < 2.0)
    rake (0.9.2.2)
    rcov (0.9.11)
    rdoc (3.12.2)
      json (~> 1.4)
    redcarpet (2.2.2)
    responders (0.9.3)
      railties (~> 3.1)
    rest-client (1.6.7)
      mime-types (>= 1.16)
    restclient_with_cert (0.0.8)
      rest-client (>= 1.6)
    rinku (1.7.2)
    rmagick (2.13.2)
    routing-filter (0.3.1)
      actionpack
    rspec (2.10.0)
      rspec-core (~> 2.10.0)
      rspec-expectations (~> 2.10.0)
      rspec-mocks (~> 2.10.0)
    rspec-core (2.10.1)
    rspec-expectations (2.10.0)
      diff-lcs (~> 1.1.3)
    rspec-mocks (2.10.1)
    rspec-rails (2.10.1)
      actionpack (>= 3.0)
      activesupport (>= 3.0)
      railties (>= 3.0)
      rspec (~> 2.10.0)
    ruby-debug-base19 (0.11.25)
      columnize (>= 0.3.1)
      linecache19 (>= 0.5.11)
      ruby_core_source (>= 0.1.4)
    ruby-debug19 (0.11.6)
      columnize (>= 0.3.1)
      linecache19 (>= 0.5.11)
      ruby-debug-base19 (>= 0.11.19)
    ruby-hmac (0.4.0)
    ruby-openid (2.2.3)
    ruby_core_source (0.1.5)
      archive-tar-minitar (>= 0.5.2)
    rubyzip (0.9.9)
    sass (3.2.7)
    sass-rails (3.2.6)
      railties (~> 3.2.0)
      sass (>= 3.1.10)
      tilt (~> 1.3)
    sax-machine (0.0.20)
      nokogiri (> 0.0.0)
    selenium-webdriver (2.25.0)
      childprocess (>= 0.2.5)
      libwebsocket (~> 0.1.3)
      multi_json (~> 1.0)
      rubyzip
    shoulda (3.4.0)
      shoulda-context (~> 1.0, >= 1.0.1)
      shoulda-matchers (~> 1.0, >= 1.4.1)
    shoulda-context (1.0.2)
    shoulda-matchers (1.4.1)
      activesupport (>= 3.0.0)
    sinatra (1.3.6)
      rack (~> 1.4)
      rack-protection (~> 1.3)
      tilt (~> 1.3, >= 1.3.3)
    skinny (0.2.3)
      eventmachine (~> 1.0.0)
      thin (~> 1.5.0)
    slim (1.3.6)
      temple (~> 0.5.5)
      tilt (~> 1.3.3)
    slim-rails (1.1.1)
      actionpack (>= 3.0, < 4.1)
      activesupport (>= 3.0, < 4.1)
      railties (>= 3.0, < 4.1)
      slim (~> 1.3)
    slop (3.4.4)
    spectator-validates_email (0.2.0)
      activemodel (>= 3.0.0)
    sprockets (2.2.2)
      hike (~> 1.2)
      multi_json (~> 1.0)
      rack (~> 1.0)
      tilt (~> 1.1, != 1.3.0)
    sqlite3 (1.3.7)
    steak (1.1.0)
      rspec (>= 1.3)
    supermodel (0.1.4)
      activemodel (>= 3.0.0.beta)
    tag_helper (0.0.3)
    temple (0.5.5)
    thin (1.5.1)
      daemons (>= 1.0.9)
      eventmachine (>= 0.12.6)
      rack (>= 1.0.0)
    thor (0.18.1)
    tilt (1.3.6)
    treetop (1.4.12)
      polyglot
      polyglot (>= 0.3.1)
    tumblr-api (0.1.4)
      activesupport
      httparty
    tzinfo (0.3.37)
    uglifier (1.3.0)
      execjs (>= 0.3.0)
      multi_json (~> 1.0, >= 1.0.2)
    unicode (0.4.4)
    vimeo (1.5.3)
      httparty (>= 0.4.5)
      httpclient (>= 2.1.5.2)
      json (>= 1.1.9)
      multipart-post (>= 1.0.1)
      oauth (>= 0.4.3)
    warden (1.2.1)
      rack (>= 1.0)
    web_translate_it (1.7.1.3)
      choice (~> 0.1.4)
      multipart-post (~> 1.0)
      sinatra (~> 1.0)
    websocket (1.0.7)
    weekdays (1.0.2)
    wirble (0.1.3)
    xpath (1.0.0)
      nokogiri (~> 1.3)

PLATFORMS
  ruby

DEPENDENCIES
  RedCloth
  activeadmin!
  activemerchant (= 1.17.0)
  activerecord-postgresql-adapter
  airbrake
  annotate
  auto_html (= 1.4.2)
  awesome_print
  bourbon
  brcep
  cancan
  capybara (>= 1.0.1)
  carrierwave (= 0.5.8)
  catarse_dineromail (~> 0.1.10)
  coffee-rails (~> 3.2.2)
  compass-960-plugin (~> 0.10.4)
  compass-rails (~> 1.0.1)
  currency_switcher
  dalli
  database_cleaner
  devise (= 1.5.3)
  dinero_mail_checkout (~> 0.1.0)
  dinero_mail_ipn!
  enumerate_it
  factory_girl_rails (= 1.7.0)
  feedzirra
  fog
  foreigner
  formtastic
  has_vimeo_video (>= 0.0.5)
  http_accept_language
  httparty (~> 0.6.1)
  httpclient (= 2.2.5)
  inherited_resources (= 1.3.1)
  jquery-rails
  kaminari
  launchy
  mailcatcher
  mailchimp
  maxim-sexy_pg_constraints
  meta_search (= 1.1.3)
  mocha (= 0.10.4)
  moip!
  omniauth (~> 1.1.0)
  omniauth-facebook (~> 1.2.0)
  omniauth-linkedin (~> 0.0.6)
  omniauth-openid (~> 1.0.1)
  omniauth-twitter (~> 0.0.12)
  on_the_spot
  paypal-express
  pg
  pry
  rack-timeout
  rails (= 3.2.11)
  rails_autolink (~> 1.0.7)
  rake (= 0.9.2.2)
  rcov (= 0.9.11)
  rmagick
  routing-filter
  rspec-rails (~> 2.10.0)
  ruby-debug19
  sass-rails (~> 3.2.5)
  selenium-webdriver (~> 2.25.0)
  shoulda
  slim
  slim-rails
  spectator-validates_email
  steak (~> 1.1.0)
  thin
  tumblr-api
  uglifier (>= 1.0.3)
  unicode
  validation_reflection!
  web_translate_it
  weekdays
  wirble
